GEM
  remote: https://rubygems.org/
  specs:
    base64 (0.2.0)
    crass (1.0.6)
    feedjira (3.2.3)
      loofah (>= 2.3.1, < 3)
      sax-machine (>= 1.0, < 2)
    logger (1.6.1)
    loofah (2.23.1)
      crass (~> 1.0.2)
      nokogiri (>= 1.12.0)
    mustermann (3.0.3)
      ruby2_keywords (~> 0.0.1)
    nokogiri (1.16.7-aarch64-linux)
      racc (~> 1.4)
    nokogiri (1.16.7-arm-linux)
      racc (~> 1.4)
    nokogiri (1.16.7-arm64-darwin)
      racc (~> 1.4)
    nokogiri (1.16.7-x86-linux)
      racc (~> 1.4)
    nokogiri (1.16.7-x86_64-darwin)
      racc (~> 1.4)
    nokogiri (1.16.7-x86_64-linux)
      racc (~> 1.4)
    racc (1.8.1)
    rack (3.1.8)
    rack-protection (4.1.1)
      base64 (>= 0.1.0)
      logger (>= 1.6.0)
      rack (>= 3.0.0, < 4)
    rack-session (2.0.0)
      rack (>= 3.0.0)
    rexml (3.3.9)
    rmmseg-cpp-new (0.3.1)
    rss (0.3.1)
      rexml
    ruby-pinyin (0.5.0)
      rmmseg-cpp-new (~> 0.3.1)
    ruby2_keywords (0.0.5)
    rubyzip (2.3.2)
    sanitize (6.1.3)
      crass (~> 1.0.2)
      nokogiri (>= 1.12.0)
    sax-machine (1.3.2)
    sinatra (4.1.1)
      logger (>= 1.6.0)
      mustermann (~> 3.0)
      rack (>= 3.0.0, < 4)
      rack-protection (= 4.1.1)
      rack-session (>= 2.0.0, < 3)
      tilt (~> 2.0)
    tilt (2.4.0)

PLATFORMS
  aarch64-linux
  arm-linux
  arm64-darwin
  x86-linux
  x86_64-darwin
  x86_64-linux

DEPENDENCIES
  feedjira
  nokogiri
  rss
  ruby-pinyin
  rubyzip
  sanitize
  sinatra

BUNDLED WITH
   2.5.17
